GEM
  remote: https://rubygems.org/
  specs:
    syntax (1.2.2)

PLATFORMS
  ruby

DEPENDENCIES
  syntax

BUNDLED WITH
   1.16.0
